{
    "AcquisitionDateTime": "deleted_by_bidsonym",
    "AcquisitionMatrixPE": 84,
    "AcquisitionNumber": 1,
    "AcquisitionTime": "16:31:6.387500",
    "BandwidthPerPixelPhaseEncode": 23.343,
    "BaseResolution": 84,
    "BodyPartExamined": "HEAD",
    "ConsistencyInfo": "N4_VE11B_LATEST_20150530",
    "ConversionSoftware": "dcm2niix",
    "ConversionSoftwareVersion": "v1.0.20171215 GCC5.1.0",
    "DerivedVendorReportedEchoSpacing": 0.000509993,
    "DeviceSerialNumber": "66072",
    "DwellTime": 2.3e-06,
    "EchoTime": 0.03,
    "EchoTrainLength": 84,
    "EffectiveEchoSpacing": 0.000509993,
    "FlipAngle": 65,
    "ImageComments": "Unaliased_MB4_PE3_LB_SENSE1",
    "ImageOrientationPatientDICOM": [
        0.99983,
        0.0150205,
        0.0106491,
        -0.0162302,
        0.992088,
        0.124493
    ],
    "ImageType": [
        "ORIGINAL",
        "PRIMARY",
        "M",
        "MB",
        "ND",
        "NORM",
        "MOSAIC"
    ],
    "InPlanePhaseEncodingDirectionDICOM": "COL",
    "InstitutionAddress": "deleted_by_bidsonym",
    "InstitutionName": "Universite_d_aix_Marseille",
    "InstitutionalDepartmentName": "Department",
    "MRAcquisitionType": "2D",
    "MagneticFieldStrength": 3,
    "Manufacturer": "Siemens",
    "ManufacturersModelName": "Prisma",
    "Modality": "MR",
    "MultibandAccelerationFactor": 4,
    "PartialFourier": 1,
    "PatientID": "18.12.14-09:21:04-STD-1.3.12.2.1107.5.2.43.66072",
    "PatientName": "sub-2",
    "PatientPosition": "HFS",
    "PatientSex": "F",
    "PatientWeight": 58,
    "PercentPhaseFOV": 100,
    "PhaseEncodingDirection": "j-",
    "PhaseEncodingSteps": 84,
    "PhaseResolution": 1,
    "PixelBandwidth": 2590,
    "ProcedureStepDescription": "Projets_AudioTact",
    "ProtocolName": "task-audiotact_run5_bold",
    "PulseSequenceDetails": "%CustomerSeq%_cmrr_mbep2d_bold",
    "ReceiveCoilActiveElements": "HC1-7",
    "ReceiveCoilName": "HeadNeck_64",
    "ReconMatrixPE": 84,
    "RepetitionTime": 0.945,
    "SAR": 0.0788138,
    "ScanOptions": "FS",
    "ScanningSequence": "EP",
    "SequenceName": "epfid2d1_84",
    "SequenceVariant": "SK_SS",
    "SeriesDescription": "task-audiotact_run5_bold",
    "SeriesInstanceUID": "1.3.12.2.1107.5.2.43.66072.201812141630057499884348.0.0.0",
    "SeriesNumber": 28,
    "ShimSetting": [
        -591,
        -10770,
        -520,
        544,
        124,
        -12,
        160,
        40
    ],
    "SliceThickness": 2.5,
    "SliceTiming": [
        0.8775,
        0.81,
        0.7425,
        0.675,
        0.6075,
        0.54,
        0.4725,
        0.405,
        0.3375,
        0.27,
        0.2025,
        0.135,
        0.0675,
        0,
        0.8775,
        0.81,
        0.7425,
        0.675,
        0.6075,
        0.54,
        0.4725,
        0.405,
        0.3375,
        0.27,
        0.2025,
        0.135,
        0.0675,
        0,
        0.8775,
        0.81,
        0.7425,
        0.675,
        0.6075,
        0.54,
        0.4725,
        0.405,
        0.3375,
        0.27,
        0.2025,
        0.135,
        0.0675,
        0,
        0.8775,
        0.81,
        0.7425,
        0.675,
        0.6075,
        0.54,
        0.4725,
        0.405,
        0.3375,
        0.27,
        0.2025,
        0.135,
        0.0675,
        0
    ],
    "SoftwareVersions": "syngo_MR_E11",
    "SpacingBetweenSlices": 2.5,
    "StationName": "AWP66072",
    "StudyID": "1",
    "StudyInstanceUID": "1.3.12.2.1107.5.2.43.66072.30000018121408111780400000013",
    "TaskName": "audiotact",
    "TotalReadoutTime": 0.0423294,
    "TxRefAmp": 220.932
}