{
    "AcquisitionDateTime": "deleted_by_bidsonym",
    "AcquisitionMatrixPE": 84,
    "AcquisitionNumber": 1,
    "AcquisitionTime": "15:45:28.930000",
    "BandwidthPerPixelPhaseEncode": 23.343,
    "BaseResolution": 84,
    "BodyPartExamined": "HEAD",
    "ConsistencyInfo": "N4_VE11B_LATEST_20150530",
    "ConversionSoftware": "dcm2niix",
    "ConversionSoftwareVersion": "v1.0.20171215 GCC5.1.0",
    "DerivedVendorReportedEchoSpacing": 0.000509993,
    "DeviceSerialNumber": "66072",
    "DwellTime": 2.3e-06,
    "EchoTime": 0.03,
    "EchoTrainLength": 84,
    "EffectiveEchoSpacing": 0.000509993,
    "FlipAngle": 65,
    "ImageComments": "Unaliased_MB4_PE3_LB_SENSE1",
    "ImageOrientationPatientDICOM": [
        0.999798,
        -0.0198157,
        -0.00344082,
        0.02007,
        0.994076,
        0.10682
    ],
    "ImageType": [
        "ORIGINAL",
        "PRIMARY",
        "M",
        "MB",
        "ND",
        "NORM",
        "MOSAIC"
    ],
    "InPlanePhaseEncodingDirectionDICOM": "COL",
    "InstitutionAddress": "deleted_by_bidsonym",
    "InstitutionName": "Universite_d_aix_Marseille",
    "InstitutionalDepartmentName": "Department",
    "MRAcquisitionType": "2D",
    "MagneticFieldStrength": 3,
    "Manufacturer": "Siemens",
    "ManufacturersModelName": "Prisma",
    "Modality": "MR",
    "MultibandAccelerationFactor": 4,
    "PartialFourier": 1,
    "PatientPosition": "HFS",
    "PercentPhaseFOV": 100,
    "PhaseEncodingDirection": "j-",
    "PhaseEncodingSteps": 84,
    "PhaseResolution": 1,
    "PixelBandwidth": 2590,
    "ProcedureStepDescription": "Projets_AudioTact",
    "ProtocolName": "task-audiotact_run4_bold",
    "PulseSequenceDetails": "%CustomerSeq%_cmrr_mbep2d_bold",
    "ReceiveCoilActiveElements": "HC1-7",
    "ReceiveCoilName": "HeadNeck_64",
    "ReconMatrixPE": 84,
    "RepetitionTime": 0.945,
    "SAR": 0.0756005,
    "ScanOptions": "FS",
    "ScanningSequence": "EP",
    "SequenceName": "epfid2d1_84",
    "SequenceVariant": "SK_SS",
    "SeriesDescription": "task-audiotact_run4_bold",
    "SeriesNumber": 41,
    "ShimSetting": [
        -601,
        -10766,
        -501,
        629,
        52,
        38,
        89,
        25
    ],
    "SliceThickness": 2.5,
    "SliceTiming": [
        0.8775,
        0.81,
        0.7425,
        0.675,
        0.6075,
        0.54,
        0.4725,
        0.405,
        0.3375,
        0.27,
        0.2025,
        0.135,
        0.0675,
        0,
        0.8775,
        0.81,
        0.7425,
        0.675,
        0.6075,
        0.54,
        0.4725,
        0.405,
        0.3375,
        0.27,
        0.2025,
        0.135,
        0.0675,
        0,
        0.8775,
        0.81,
        0.7425,
        0.675,
        0.6075,
        0.54,
        0.4725,
        0.405,
        0.3375,
        0.27,
        0.2025,
        0.135,
        0.0675,
        0,
        0.8775,
        0.81,
        0.7425,
        0.675,
        0.6075,
        0.54,
        0.4725,
        0.405,
        0.3375,
        0.27,
        0.2025,
        0.135,
        0.0675,
        0
    ],
    "SoftwareVersions": "syngo_MR_E11",
    "SpacingBetweenSlices": 2.5,
    "StationName": "AWP66072",
    "TaskName": "audiotact",
    "TotalReadoutTime": 0.042839412,
    "TxRefAmp": 222.087
}