{
    "Modality": "MR",
    "MagneticFieldStrength": 3,
    "Manufacturer": "Siemens",
    "ManufacturersModelName": "Prisma",
    "InstitutionName": "Universite_d_aix_Marseille",
    "InstitutionalDepartmentName": "Department",
    "InstitutionAddress": "deleted_by_bidsonym",
    "DeviceSerialNumber": "66072",
    "StationName": "AWP66072",
    "SeriesInstanceUID": "1.3.12.2.1107.5.2.43.66072.2018121414355553712943615.0.0.0",
    "StudyInstanceUID": "1.3.12.2.1107.5.2.43.66072.30000018121408111780400000010",
    "StudyID": "1",
    "PatientName": "sub-23",
    "PatientID": "18.12.14-09:20:27-STD-1.3.12.2.1107.5.2.43.66072",
    "PatientSex": "F",
    "PatientWeight": 52,
    "BodyPartExamined": "HEAD",
    "PatientPosition": "HFS",
    "ProcedureStepDescription": "Projets_AudioTact",
    "SoftwareVersions": "syngo_MR_E11",
    "MRAcquisitionType": "3D",
    "SeriesDescription": "T1w",
    "ProtocolName": "T1w",
    "ScanningSequence": "GR_IR",
    "SequenceVariant": "SK_SP_MP",
    "ScanOptions": "IR_WE",
    "SequenceName": "_tfl3d1_16ns",
    "ImageType": [
        "ORIGINAL",
        "PRIMARY",
        "M",
        "ND",
        "NORM"
    ],
    "SeriesNumber": 10,
    "AcquisitionTime": "14:35:37.102500",
    "AcquisitionDateTime": "deleted_by_bidsonym",
    "AcquisitionNumber": 1,
    "SliceThickness": 1,
    "SAR": 0.0456825,
    "EchoTime": 0.00298,
    "RepetitionTime": 2.3,
    "InversionTime": 0.925,
    "FlipAngle": 9,
    "PartialFourier": 1,
    "BaseResolution": 256,
    "ShimSetting": [
        -612,
        -10794,
        -665,
        9,
        18,
        -134,
        118,
        29
    ],
    "TxRefAmp": 220.084,
    "PhaseResolution": 1,
    "ReceiveCoilName": "HeadNeck_64",
    "ReceiveCoilActiveElements": "HC1-7;NC1,2",
    "PulseSequenceDetails": "%SiemensSeq%_tfl",
    "ConsistencyInfo": "N4_VE11B_LATEST_20150530",
    "PercentPhaseFOV": 100,
    "PhaseEncodingSteps": 255,
    "AcquisitionMatrixPE": 256,
    "ReconMatrixPE": 256,
    "ParallelReductionFactorInPlane": 3,
    "PixelBandwidth": 240,
    "DwellTime": 8.2e-06,
    "ImageOrientationPatientDICOM": [
        -0.0503326,
        0.976784,
        0.208227,
        -0.0267454,
        0.207099,
        -0.977954
    ],
    "InPlanePhaseEncodingDirectionDICOM": "ROW",
    "ConversionSoftware": "dcm2niix",
    "ConversionSoftwareVersion": "v1.0.20171215 GCC5.1.0"
}