{
    "Modality": "MR",
    "MagneticFieldStrength": 3,
    "Manufacturer": "Siemens",
    "ManufacturersModelName": "Prisma",
    "InstitutionName": "Universite_d_aix_Marseille",
    "InstitutionalDepartmentName": "Department",
    "InstitutionAddress": "deleted_by_bidsonym",
    "DeviceSerialNumber": "66072",
    "StationName": "AWP66072",
    "SeriesInstanceUID": "1.3.12.2.1107.5.2.43.66072.2018121411293453243798768.0.0.0",
    "StudyInstanceUID": "1.3.12.2.1107.5.2.43.66072.30000018121408111780400000007",
    "StudyID": "1",
    "PatientName": "sub-5",
    "PatientID": "18.12.14-09:18:45-STD-1.3.12.2.1107.5.2.43.66072",
    "PatientSex": "F",
    "PatientWeight": 58,
    "BodyPartExamined": "HEAD",
    "PatientPosition": "HFS",
    "ProcedureStepDescription": "Projets_AudioTact",
    "SoftwareVersions": "syngo_MR_E11",
    "MRAcquisitionType": "2D",
    "SeriesDescription": "Fieldmap_topup_PA",
    "ProtocolName": "Fieldmap_topup_PA",
    "ScanningSequence": "EP",
    "SequenceVariant": "SK",
    "ScanOptions": "FS",
    "SequenceName": "epse2d1_84",
    "ImageType": [
        "ORIGINAL",
        "PRIMARY",
        "M",
        "ND",
        "NORM",
        "MOSAIC"
    ],
    "SeriesNumber": 14,
    "AcquisitionTime": "11:29:45.137500",
    "AcquisitionDateTime": "deleted_by_bidsonym",
    "AcquisitionNumber": 1,
    "ImageComments": "SENSE1",
    "SliceThickness": 2.5,
    "SpacingBetweenSlices": 2.5,
    "SAR": 0.144594,
    "EchoTime": 0.059,
    "RepetitionTime": 7.06,
    "FlipAngle": 90,
    "PartialFourier": 1,
    "BaseResolution": 84,
    "ShimSetting": [
        -602,
        -10750,
        -604,
        571,
        52,
        11,
        40,
        -15
    ],
    "TxRefAmp": 228.213,
    "PhaseResolution": 1,
    "ReceiveCoilName": "HeadNeck_64",
    "ReceiveCoilActiveElements": "HC1-7",
    "PulseSequenceDetails": "%CustomerSeq%_cmrr_mbep2d_se",
    "ConsistencyInfo": "N4_VE11B_LATEST_20150530",
    "PercentPhaseFOV": 100,
    "EchoTrainLength": 84,
    "PhaseEncodingSteps": 84,
    "AcquisitionMatrixPE": 84,
    "ReconMatrixPE": 84,
    "BandwidthPerPixelPhaseEncode": 23.81,
    "EffectiveEchoSpacing": 0.00049999,
    "DerivedVendorReportedEchoSpacing": 0.00049999,
    "TotalReadoutTime": 0.0414992,
    "PixelBandwidth": 2590,
    "DwellTime": 2.3e-06,
    "PhaseEncodingDirection": "j",
    "SliceTiming": [
        3.52,
        0,
        3.6475,
        0.1275,
        3.7725,
        0.2525,
        3.8975,
        0.3775,
        4.025,
        0.505,
        4.15,
        0.63,
        4.275,
        0.755,
        4.4,
        0.88,
        4.5275,
        1.0075,
        4.6525,
        1.1325,
        4.7775,
        1.2575,
        4.9025,
        1.385,
        5.03,
        1.51,
        5.155,
        1.635,
        5.28,
        1.76,
        5.4075,
        1.8875,
        5.5325,
        2.0125,
        5.6575,
        2.1375,
        5.7825,
        2.265,
        5.91,
        2.39,
        6.035,
        2.515,
        6.16,
        2.64,
        6.2875,
        2.7675,
        6.4125,
        2.8925,
        6.5375,
        3.0175,
        6.6625,
        3.145,
        6.79,
        3.27,
        6.915,
        3.395
    ],
    "ImageOrientationPatientDICOM": [
        0.996183,
        0.0608626,
        -0.062567,
        -0.0593586,
        0.997908,
        0.0256235
    ],
    "InPlanePhaseEncodingDirectionDICOM": "COL",
    "ConversionSoftware": "dcm2niix",
    "ConversionSoftwareVersion": "v1.0.20171215 GCC5.1.0",
    "IntendedFor": [
        "func/sub-05_task-audiotact_run-01_bold.nii.gz",
        "func/sub-05_task-audiotact_run-02_bold.nii.gz",
        "func/sub-05_task-audiotact_run-03_bold.nii.gz",
        "func/sub-05_task-audiotact_run-04_bold.nii.gz",
        "func/sub-05_task-audiotact_run-05_bold.nii.gz"
    ]
}