{
    "AcquisitionDateTime": "deleted_by_bidsonym",
    "AcquisitionMatrixPE": 84,
    "AcquisitionNumber": 1,
    "AcquisitionTime": "11:36:39.147500",
    "BandwidthPerPixelPhaseEncode": 23.81,
    "BaseResolution": 84,
    "BodyPartExamined": "HEAD",
    "ConsistencyInfo": "N4_VE11B_LATEST_20150530",
    "ConversionSoftware": "dcm2niix",
    "ConversionSoftwareVersion": "v1.0.20171215 GCC5.1.0",
    "DerivedVendorReportedEchoSpacing": 0.00049999,
    "DeviceSerialNumber": "66072",
    "DwellTime": 2.3e-06,
    "EchoTime": 0.059,
    "EchoTrainLength": 84,
    "EffectiveEchoSpacing": 0.00049999,
    "FlipAngle": 90,
    "ImageComments": "SENSE1",
    "ImageOrientationPatientDICOM": [
        0.998912,
        -0.0124622,
        -0.0449489,
        3.10428e-10,
        0.963648,
        -0.267175
    ],
    "ImageType": [
        "ORIGINAL",
        "PRIMARY",
        "M",
        "ND",
        "NORM",
        "MOSAIC"
    ],
    "InPlanePhaseEncodingDirectionDICOM": "COL",
    "InstitutionAddress": "deleted_by_bidsonym",
    "InstitutionName": "Universite_d_aix_Marseille",
    "InstitutionalDepartmentName": "Department",
    "MRAcquisitionType": "2D",
    "MagneticFieldStrength": 3,
    "Manufacturer": "Siemens",
    "ManufacturersModelName": "Prisma",
    "Modality": "MR",
    "PartialFourier": 1,
    "PatientPosition": "HFS",
    "PercentPhaseFOV": 100,
    "PhaseEncodingDirection": "j-",
    "PhaseEncodingSteps": 84,
    "PhaseResolution": 1,
    "PixelBandwidth": 2590,
    "ProcedureStepDescription": "Projets_AudioTact",
    "ProtocolName": "Fieldmap_topup_AP",
    "PulseSequenceDetails": "%CustomerSeq%_cmrr_mbep2d_se",
    "ReceiveCoilActiveElements": "HC1-7;NC1",
    "ReceiveCoilName": "HeadNeck_64",
    "ReconMatrixPE": 84,
    "RepetitionTime": 7.06,
    "SAR": 0.11595,
    "ScanOptions": "FS",
    "ScanningSequence": "EP",
    "SequenceName": "epse2d1_84",
    "SequenceVariant": "SK",
    "SeriesDescription": "Fieldmap_topup_AP",
    "SeriesNumber": 12,
    "ShimSetting": [
        -604,
        -10755,
        -558,
        628,
        66,
        -11,
        18,
        24
    ],
    "SliceThickness": 2.5,
    "SliceTiming": [
        3.52,
        0,
        3.645,
        0.125,
        3.77,
        0.25,
        3.895,
        0.375,
        4.0225,
        0.5025,
        4.1475,
        0.6275,
        4.2725,
        0.7525,
        4.4,
        0.88,
        4.525,
        1.005,
        4.65,
        1.13,
        4.775,
        1.255,
        4.9025,
        1.3825,
        5.0275,
        1.5075,
        5.1525,
        1.6325,
        5.28,
        1.76,
        5.405,
        1.885,
        5.53,
        2.01,
        5.655,
        2.135,
        5.7825,
        2.2625,
        5.9075,
        2.3875,
        6.0325,
        2.5125,
        6.16,
        2.64,
        6.285,
        2.765,
        6.41,
        2.89,
        6.535,
        3.015,
        6.6625,
        3.1425,
        6.7875,
        3.2675,
        6.9125,
        3.3925
    ],
    "SoftwareVersions": "syngo_MR_E11",
    "SpacingBetweenSlices": 2.5,
    "StationName": "AWP66072",
    "TotalReadoutTime": 0.04199916,
    "TxRefAmp": 226.724,
    "Units": "Hz",
    "IntendedFor": [
        "func/sub-17_task-audiotact_run-01_bold.nii.gz",
        "func/sub-17_task-audiotact_run-02_bold.nii.gz",
        "func/sub-17_task-audiotact_run-03_bold.nii.gz",
        "func/sub-17_task-audiotact_run-04_bold.nii.gz",
        "func/sub-17_task-audiotact_run-05_bold.nii.gz"
    ]
}