{
    "AcquisitionDateTime": "deleted_by_bidsonym",
    "AcquisitionMatrixPE": 84,
    "AcquisitionNumber": 1,
    "AcquisitionTime": "10:33:26.180000",
    "BandwidthPerPixelPhaseEncode": 23.343,
    "BaseResolution": 84,
    "BodyPartExamined": "HEAD",
    "ConsistencyInfo": "N4_VE11B_LATEST_20150530",
    "ConversionSoftware": "dcm2niix",
    "ConversionSoftwareVersion": "v1.0.20171215 GCC5.1.0",
    "DerivedVendorReportedEchoSpacing": 0.000509993,
    "DeviceSerialNumber": "66072",
    "DwellTime": 2.3e-06,
    "EchoTime": 0.03,
    "EchoTrainLength": 84,
    "EffectiveEchoSpacing": 0.000509993,
    "FlipAngle": 65,
    "ImageComments": "Single-band_reference_SENSE1",
    "ImageOrientationPatientDICOM": [
        0.999789,
        -0.00573743,
        0.0197143,
        0.00785246,
        0.994017,
        -0.108941
    ],
    "ImageType": [
        "ORIGINAL",
        "PRIMARY",
        "M",
        "ND",
        "NORM",
        "MOSAIC"
    ],
    "InPlanePhaseEncodingDirectionDICOM": "COL",
    "InstitutionAddress": "deleted_by_bidsonym",
    "InstitutionName": "Universite_d_aix_Marseille",
    "InstitutionalDepartmentName": "Department",
    "MRAcquisitionType": "2D",
    "MagneticFieldStrength": 3,
    "Manufacturer": "Siemens",
    "ManufacturersModelName": "Prisma",
    "Modality": "MR",
    "PartialFourier": 1,
    "PatientID": "18.12.14-09:17:59-STD-1.3.12.2.1107.5.2.43.66072",
    "PatientName": "sub-24",
    "PatientPosition": "HFS",
    "PatientSex": "M",
    "PatientWeight": 63,
    "PercentPhaseFOV": 100,
    "PhaseEncodingDirection": "j-",
    "PhaseEncodingSteps": 84,
    "PhaseResolution": 1,
    "PixelBandwidth": 2590,
    "ProcedureStepDescription": "Projets_AudioTact",
    "ProtocolName": "task-audiotact_run3_bold",
    "PulseSequenceDetails": "%CustomerSeq%_cmrr_mbep2d_bold",
    "ReceiveCoilActiveElements": "HC1-6",
    "ReceiveCoilName": "HeadNeck_64",
    "ReconMatrixPE": 84,
    "RepetitionTime": 0.945,
    "SAR": 0.100446,
    "ScanOptions": "FS",
    "ScanningSequence": "EP",
    "SequenceName": "epfid2d1_84",
    "SequenceVariant": "SK_SS",
    "SeriesDescription": "task-audiotact_run3_bold_SBRef",
    "SeriesInstanceUID": "1.3.12.2.1107.5.2.43.66072.201812141032278509044814.0.0.0",
    "SeriesNumber": 25,
    "ShimSetting": [
        -611,
        -10773,
        -575,
        234,
        -15,
        -57,
        -16,
        23
    ],
    "SliceThickness": 2.5,
    "SliceTiming": [
        3.7125,
        3.645,
        3.5775,
        3.51,
        3.4425,
        3.375,
        3.3075,
        3.24,
        3.1725,
        3.105,
        3.0375,
        2.97,
        2.9025,
        2.835,
        2.7675,
        2.7,
        2.6325,
        2.565,
        2.4975,
        2.43,
        2.3625,
        2.295,
        2.2275,
        2.16,
        2.0925,
        2.025,
        1.9575,
        1.89,
        1.8225,
        1.755,
        1.6875,
        1.62,
        1.5525,
        1.485,
        1.4175,
        1.35,
        1.2825,
        1.215,
        1.1475,
        1.08,
        1.0125,
        0.945,
        0.8775,
        0.81,
        0.7425,
        0.675,
        0.6075,
        0.54,
        0.4725,
        0.405,
        0.3375,
        0.27,
        0.2025,
        0.135,
        0.0675,
        0
    ],
    "SoftwareVersions": "syngo_MR_E11",
    "SpacingBetweenSlices": 2.5,
    "StationName": "AWP66072",
    "StudyID": "1",
    "StudyInstanceUID": "1.3.12.2.1107.5.2.43.66072.30000018121408111780400000001",
    "TaskName": "audiotact",
    "TotalReadoutTime": 0.0423294,
    "TxRefAmp": 245.852
}