{
    "AcquisitionDateTime": "deleted_by_bidsonym",
    "AcquisitionMatrixPE": 84,
    "AcquisitionNumber": 1,
    "AcquisitionTime": "16:31:44.040000",
    "BandwidthPerPixelPhaseEncode": 23.81,
    "BaseResolution": 84,
    "BodyPartExamined": "HEAD",
    "ConsistencyInfo": "N4_VE11B_LATEST_20150530",
    "ConversionSoftware": "dcm2niix",
    "ConversionSoftwareVersion": "v1.0.20171215 GCC5.1.0",
    "DerivedVendorReportedEchoSpacing": 0.00049999,
    "DeviceSerialNumber": "66072",
    "DwellTime": 2.3e-06,
    "EchoTime": 0.059,
    "EchoTrainLength": 84,
    "EffectiveEchoSpacing": 0.00049999,
    "FlipAngle": 90,
    "ImageComments": "SENSE1",
    "ImageOrientationPatientDICOM": [
        0.997338,
        0.0609439,
        0.0400279,
        -0.0520938,
        0.979689,
        -0.193639
    ],
    "ImageType": [
        "ORIGINAL",
        "PRIMARY",
        "M",
        "ND",
        "NORM",
        "MOSAIC"
    ],
    "InPlanePhaseEncodingDirectionDICOM": "COL",
    "InstitutionAddress": "deleted_by_bidsonym",
    "InstitutionName": "Universite_d_aix_Marseille",
    "InstitutionalDepartmentName": "Department",
    "MRAcquisitionType": "2D",
    "MagneticFieldStrength": 3,
    "Manufacturer": "Siemens",
    "ManufacturersModelName": "Prisma",
    "Modality": "MR",
    "PartialFourier": 1,
    "PatientPosition": "HFS",
    "PercentPhaseFOV": 100,
    "PhaseEncodingDirection": "j-",
    "PhaseEncodingSteps": 84,
    "PhaseResolution": 1,
    "PixelBandwidth": 2590,
    "ProcedureStepDescription": "Projets_AudioTact",
    "ProtocolName": "Fieldmap_topup_AP",
    "PulseSequenceDetails": "%CustomerSeq%_cmrr_mbep2d_se",
    "ReceiveCoilActiveElements": "HC1-7",
    "ReceiveCoilName": "HeadNeck_64",
    "ReconMatrixPE": 84,
    "RepetitionTime": 7.06,
    "SAR": 0.136916,
    "ScanOptions": "FS",
    "ScanningSequence": "EP",
    "SequenceName": "epse2d1_84",
    "SequenceVariant": "SK",
    "SeriesDescription": "Fieldmap_topup_AP",
    "SeriesNumber": 12,
    "ShimSetting": [
        -578,
        -10755,
        -520,
        467,
        72,
        -134,
        162,
        -18
    ],
    "SliceThickness": 2.5,
    "SliceTiming": [
        3.52,
        0,
        3.645,
        0.125,
        3.7725,
        0.2525,
        3.8975,
        0.3775,
        4.0225,
        0.5025,
        4.1475,
        0.63,
        4.275,
        0.755,
        4.4,
        0.88,
        4.525,
        1.005,
        4.6525,
        1.1325,
        4.7775,
        1.2575,
        4.9025,
        1.3825,
        5.0275,
        1.51,
        5.155,
        1.635,
        5.28,
        1.76,
        5.405,
        1.885,
        5.5325,
        2.0125,
        5.6575,
        2.1375,
        5.7825,
        2.2625,
        5.9075,
        2.39,
        6.035,
        2.515,
        6.16,
        2.64,
        6.285,
        2.765,
        6.4125,
        2.8925,
        6.5375,
        3.0175,
        6.6625,
        3.1425,
        6.7875,
        3.2675,
        6.915,
        3.395
    ],
    "SoftwareVersions": "syngo_MR_E11",
    "SpacingBetweenSlices": 2.5,
    "StationName": "AWP66072",
    "TotalReadoutTime": 0.04199916,
    "TxRefAmp": 244.897,
    "IntendedFor": [
        "func/sub-13_task-audiotact_run-01_bold.nii.gz",
        "func/sub-13_task-audiotact_run-02_bold.nii.gz",
        "func/sub-13_task-audiotact_run-03_bold.nii.gz",
        "func/sub-13_task-audiotact_run-04_bold.nii.gz",
        "func/sub-13_task-audiotact_run-05_bold.nii.gz"
    ]
}